PATH
  remote: .
  specs:
    lightio (0.1.0.pre)
      nio4r

GEM
  remote: https://rubygems.org/
  specs:
    diff-lcs (1.3)
    nio4r (2.1.0)
    rake (10.1.0)
    rspec (3.7.0)
      rspec-core (~> 3.7.0)
      rspec-expectations (~> 3.7.0)
      rspec-mocks (~> 3.7.0)
    rspec-core (3.7.0)
      rspec-support (~> 3.7.0)
    rspec-expectations (3.7.0)
      diff-lcs (>= 1.2.0, < 2.0)
      rspec-support (~> 3.7.0)
    rspec-mocks (3.7.0)
      diff-lcs (>= 1.2.0, < 2.0)
      rspec-support (~> 3.7.0)
    rspec-support (3.7.0)

PLATFORMS
  ruby

DEPENDENCIES
  bundler (~> 1.16)
  lightio!
  rake (~> 10.0)
  rspec (~> 3.0)

BUNDLED WITH
   1.16.0
